PATH
  remote: .
  specs:
    ragic_client (0.1.3)

GEM
  remote: https://rubygems.org/
  specs:
    httparty (0.16.2)
      multi_xml (>= 0.5.2)
    multi_xml (0.6.0)
    rake (12.3.3)

PLATFORMS
  ruby

DEPENDENCIES
  httparty
  ragic_client!
  rake (~> 12.0)

BUNDLED WITH
   2.1.4
